PATH
  remote: .
  specs:
    geography_division_select (0.0.1)

GEM
  remote: https://rubygems.org/
  specs:
    rake (0.9.2.2)

PLATFORMS
  ruby

DEPENDENCIES
  geography_division_select!
  rake
